PATH
  remote: .
  specs:
    requestor (0.0.4a)

GEM
  remote: http://rubygems.org/
  specs:
    rspec (1.2.9)

PLATFORMS
  ruby

DEPENDENCIES
  requestor!
  rspec (= 1.2.9)
