PATH
  remote: .
  specs:
    internets_requestor (0.0.1)

GEM
  remote: http://rubygems.org/
  specs:
    rspec (1.2.9)

PLATFORMS
  ruby

DEPENDENCIES
  internets_requestor!
  rspec (= 1.2.9)
